PATH
  remote: .
  specs:
    memoized (1.1.2)

GEM
  remote: https://rubygems.org/
  specs:
    amazing_print (1.4.0)
    diff-lcs (1.5.0)
    gemika (0.8.2)
    prop_check (0.18.1)
      amazing_print (~> 1.2)
    rake (13.0.6)
    rspec (3.12.0)
      rspec-core (~> 3.12.0)
      rspec-expectations (~> 3.12.0)
      rspec-mocks (~> 3.12.0)
    rspec-core (3.12.0)
      rspec-support (~> 3.12.0)
    rspec-expectations (3.12.2)
      diff-lcs (>= 1.2.0, < 2.0)
      rspec-support (~> 3.12.0)
    rspec-mocks (3.12.3)
      diff-lcs (>= 1.2.0, < 2.0)
      rspec-support (~> 3.12.0)
    rspec-support (3.12.0)
    timecop (0.8.1)

PLATFORMS
  ruby

DEPENDENCIES
  gemika
  memoized!
  prop_check (~> 0.18.1)
  rake (~> 13.0.6)
  rspec (~> 3.12.0)
  timecop (~> 0.8.0)

BUNDLED WITH
   2.3.1
